GEM
  remote: https://rubygems.org/
  specs:
    creek (2.5.0)
      nokogiri (>= 1.10.0)
      rubyzip (>= 1.0.0)
    mini_portile2 (2.4.0)
    nokogiri (1.10.7)
      mini_portile2 (~> 2.4.0)
    rack (2.2.6.4)
    rubyzip (2.0.0)

PLATFORMS
  ruby

DEPENDENCIES
  creek
  nokogiri
  rack

RUBY VERSION
   ruby 2.7.0p0

BUNDLED WITH
   2.1.2
