GEM
  remote: https://rubygems.org/
  specs:
    mini_portile2 (2.1.0)
    nokogiri (1.7.2)
      mini_portile2 (~> 2.1.0)
    rack (2.0.1)

PLATFORMS
  ruby

DEPENDENCIES
  nokogiri
  rack

BUNDLED WITH
   1.14.6
